GEM
  specs:
    faraday (0.8.0)
      multipart-post (~> 1.1)
    faraday_middleware (0.9.1)
      faraday (>= 0.7.4, < 0.10)
    json (1.8.1)
    mime-types (2.1)
    multipart-post (1.2.0)
    oauth (0.4.7)
    rmagick (2.13.2)
    simple_oauth (0.2.0)
    tumblr_client (0.8.2)
      faraday (>= 0.8)
      faraday_middleware (>= 0.8)
      json
      mime-types
      oauth
      simple_oauth

PLATFORMS
  ruby

DEPENDENCIES
  rmagick
  tumblr_client
